PATH
  remote: .
  specs:
    allure-ruby-adaptor-api (0.6.6)
      mimemagic
      nokogiri (~> 1.6.0)
      uuid

GEM
  remote: https://rubygems.org/
  specs:
    macaddr (1.7.1)
      systemu (~> 2.6.2)
    mimemagic (0.2.1)
    mini_portile (0.6.2)
    nokogiri (1.6.6.2)
      mini_portile (~> 0.6.0)
    rake (13.0.1)
    systemu (2.6.4)
    uuid (2.3.7)
      macaddr (~> 1.0)

PLATFORMS
  ruby

DEPENDENCIES
  allure-ruby-adaptor-api!
  bundler
  rake
